GEM
  remote: https://rubygems.org/
  specs:
    erubis (2.7.0)
    marky_markov (0.3.5)
      msgpack
    msgpack (0.5.11)
    rack (1.6.0)
    rack-protection (1.5.3)
      rack
    sinatra (1.4.5)
      rack (~> 1.4)
      rack-protection (~> 1.4)
      tilt (~> 1.3, >= 1.3.4)
    tilt (1.4.1)

PLATFORMS
  ruby

DEPENDENCIES
  erubis
  marky_markov
  sinatra
